GEM
  remote: https://rubygems.org/
  specs:
    coderay (1.1.2)
    crass (1.0.3)
    feedjira (3.0.0.beta1)
      loofah (>= 2.0)
      sax-machine (>= 1.0)
    loofah (2.1.1)
      crass (~> 1.0.2)
      nokogiri (>= 1.5.9)
    method_source (0.9.0)
    mini_portile2 (2.3.0)
    nokogiri (1.8.1)
      mini_portile2 (~> 2.3.0)
    pry (0.11.3)
      coderay (~> 1.1.0)
      method_source (~> 0.9.0)
    sax-machine (1.3.2)

PLATFORMS
  ruby

DEPENDENCIES
  feedjira (= 3.0.0.beta1)
  pry

BUNDLED WITH
   1.16.1
